ObjectType = Image
NDims = 3
BinaryData = True
BinaryDataByteOrderMSB = False
CompressedData = True
CompressedDataSize = 451779
TransformMatrix = 1 0 0 0 1 0 0 0 1
Offset = -157.67773 -311.67773 -438.39999999999998
CenterOfRotation = 0 0 0
AnatomicalOrientation = RAI
ElementSpacing = 0.64453125 0.64453125 1.7999999523162842
DimSize = 420 281 205
ElementType = MET_LONG
ElementDataFile = todo.raw
